GEM
  remote: https://rubygems.org/
  specs:
    bigdecimal (3.2.3)
    erb (5.0.2)
    google-protobuf (4.32.1)
      bigdecimal
      rake (>= 13)
    googleapis-common-protos-types (1.21.0)
      google-protobuf (~> 4.26)
    grpc (1.75.0)
      google-protobuf (>= 3.25, < 5.0)
      googleapis-common-protos-types (~> 1.0)
    optparse (0.6.0)
    rake (13.3.0)

PLATFORMS
  ruby

DEPENDENCIES
  erb
  grpc (~> 1.73)
  optparse (~> 0.6.0)

BUNDLED WITH
   2.6.6
